PATH
  remote: ../AuditApi
  specs:
    pnap_audit_api (1.0.3)
      typhoeus (~> 1.0, >= 1.0.1)

PATH
  remote: ../BmcApi
  specs:
    pnap_bmc_api (1.2.0)
      typhoeus (~> 1.0, >= 1.0.1)

PATH
  remote: ../IpApi
  specs:
    pnap_ip_api (1.1.2)
      typhoeus (~> 1.0, >= 1.0.1)

PATH
  remote: ../NetworkApi
  specs:
    pnap_network_api (1.2.0)
      typhoeus (~> 1.0, >= 1.0.1)

PATH
  remote: ../NetworkStorageApi
  specs:
    pnap_network_storage_api (1.1.0)
      typhoeus (~> 1.0, >= 1.0.1)

PATH
  remote: ../RancherApi
  specs:
    pnap_rancher_api (1.0.3)
      typhoeus (~> 1.0, >= 1.0.1)

PATH
  remote: ../TagApi
  specs:
    pnap_tag_api (1.0.3)
      typhoeus (~> 1.0, >= 1.0.1)

GEM
  remote: https://rubygems.org/
  specs:
    ethon (0.15.0)
      ffi (>= 1.15.0)
    faraday (2.2.0)
      faraday-net_http (~> 2.0)
      ruby2_keywords (>= 0.0.4)
    faraday-net_http (2.0.1)
    ffi (1.15.5)
    json (2.6.1)
    jwt (2.2.1)
    multi_json (1.15.0)
    multi_xml (0.6.0)
    oauth2 (1.4.9)
      faraday (>= 0.17.3, < 3.0)
      jwt (>= 1.0, < 3.0)
      multi_json (~> 1.3)
      multi_xml (~> 0.5)
      rack (>= 1.2, < 3)
    power_assert (2.0.1)
    rack (2.2.3)
    ruby2_keywords (0.0.5)
    test-unit (3.5.3)
      power_assert
    test-unit-runner-junitxml (0.3.0)
      test-unit
    typhoeus (1.4.0)
      ethon (>= 0.9.0)

PLATFORMS
  ruby

DEPENDENCIES
  json (= 2.6.1)
  oauth2 (= 1.4.9)
  pnap_audit_api!
  pnap_bmc_api!
  pnap_ip_api!
  pnap_network_api!
  pnap_network_storage_api!
  pnap_rancher_api!
  pnap_tag_api!
  test-unit (= 3.5.3)
  test-unit-runner-junitxml (= 0.3.0)
  typhoeus (~> 1.4)

BUNDLED WITH
   2.1.4
